GIT
  remote: git://github.com/JeanMertz/focused_controller.git
  revision: 257395a06668b56ab73fb17578e676ec497e48ac
  specs:
    focused_controller (1.0.0)
      actionpack (>= 4.0.0.beta)

GIT
  remote: git://github.com/JeanMertz/ranked-model.git
  revision: 6dab0a536408a22309c72ea4598f950252de1491
  specs:
    ranked-model (0.2.0)
      activerecord (>= 3.0.3)

GIT
  remote: git://github.com/JeanMertz/rspec-given.git
  revision: 11899640d01b734bd64ad9d2636c8a31d61a9bfc
  ref: 11899
  specs:
    rspec-given (2.4.0)
      rspec (>= 2.13)
      sorcerer (>= 0.3.7)

GIT
  remote: git://github.com/rails/actionpack-xml_parser.git
  revision: 13b8750446f472d7d5191d79eee2209dbff675d6
  ref: 13b87
  specs:
    actionpack-xml_parser (0.1.0)
      actionpack (~> 4.0.0.beta)

GEM
  remote: https://rubygems.org/
  specs:
    actionmailer (4.0.0.rc1)
      actionpack (= 4.0.0.rc1)
      mail (~> 2.5.3)
    actionpack (4.0.0.rc1)
      activesupport (= 4.0.0.rc1)
      builder (~> 3.1.0)
      erubis (~> 2.7.0)
      rack (~> 1.5.2)
      rack-test (~> 0.6.2)
    activemodel (4.0.0.rc1)
      activesupport (= 4.0.0.rc1)
      builder (~> 3.1.0)
    activerecord (4.0.0.rc1)
      activemodel (= 4.0.0.rc1)
      activerecord-deprecated_finders (~> 1.0.2)
      activesupport (= 4.0.0.rc1)
      arel (~> 4.0.0)
    activerecord-deprecated_finders (1.0.2)
    activesupport (4.0.0.rc1)
      i18n (~> 0.6, >= 0.6.4)
      minitest (~> 4.2)
      multi_json (~> 1.3)
      thread_safe (~> 0.1)
      tzinfo (~> 0.3.37)
    addressable (2.3.4)
    arel (4.0.0)
    atomic (1.1.9)
    bootstrap-sass (2.3.1.0)
      sass (~> 3.2)
    bourbon (3.1.6)
      sass (>= 3.2.0)
      thor
    builder (3.1.4)
    celluloid (0.14.0)
      timers (>= 1.0.0)
    coderay (1.0.9)
    coffee-rails (4.0.0)
      coffee-script (>= 2.2.0)
      railties (>= 4.0.0.beta, < 5.0)
    coffee-script (2.2.0)
      coffee-script-source
      execjs
    coffee-script-source (1.6.2)
    colorize (0.5.8)
    columnize (0.3.6)
    connection_pool (1.0.0)
    coveralls (0.6.7)
      colorize
      multi_json (~> 1.3)
      rest-client
      simplecov (>= 0.7)
      thor
    crack (0.3.2)
    daemons (1.1.9)
    debugger (1.6.0)
      columnize (>= 0.3.1)
      debugger-linecache (~> 1.2.0)
      debugger-ruby_core_source (~> 1.2.1)
    debugger-linecache (1.2.0)
    debugger-ruby_core_source (1.2.2)
    diff-lcs (1.2.4)
    em-synchrony (1.0.3)
      eventmachine (>= 1.0.0.beta.1)
    erubis (2.7.0)
    eventmachine (1.0.3)
    execjs (1.4.0)
      multi_json (~> 1.0)
    factory_girl (4.2.0)
      activesupport (>= 3.0.0)
    factory_girl_rails (4.2.1)
      factory_girl (~> 4.2.0)
      railties (>= 3.0.0)
    faker (1.1.2)
      i18n (~> 0.5)
    faye-websocket (0.6.1)
      eventmachine (>= 0.12.0)
      websocket-driver (>= 0.2.0)
    haml (4.0.2)
      tilt
    haml-rails (0.4)
      actionpack (>= 3.1, < 4.1)
      activesupport (>= 3.1, < 4.1)
      haml (>= 3.1, < 4.1)
      railties (>= 3.1, < 4.1)
    happymapper (0.4.0)
      libxml-ruby (~> 2.0)
    hike (1.2.2)
    hiredis (0.4.5)
    i18n (0.6.4)
    jquery-rails (2.2.1)
      railties (>= 3.0, < 5.0)
      thor (>= 0.14, < 2.0)
    jquery-ui-rails (4.0.2)
      jquery-rails
      railties (>= 3.1.0)
    json (1.8.0)
    libxml-ruby (2.6.0)
    mail (2.5.4)
      mime-types (~> 1.16)
      treetop (~> 1.4.8)
    method_source (0.8.1)
    mime-types (1.23)
    minitest (4.7.4)
    multi_json (1.7.3)
    nokogiri (1.5.9)
    nokogiri-happymapper (0.5.7)
      nokogiri (~> 1.5)
    pg (0.15.1)
    pivotal-tracker (0.5.10)
      builder
      builder
      crack
      happymapper (>= 0.3.2)
      nokogiri (>= 1.4.3)
      nokogiri (>= 1.5.5)
      nokogiri-happymapper (>= 0.5.4)
      rest-client (~> 1.6.0)
      rest-client (~> 1.6.0)
    polyglot (0.3.3)
    pry (0.9.12.2)
      coderay (~> 1.0.5)
      method_source (~> 0.8)
      slop (~> 3.4)
    pry-debugger (0.2.2)
      debugger (~> 1.3)
      pry (~> 0.9.10)
    pry-rails (0.3.0)
      pry (>= 0.9.10)
    rack (1.5.2)
    rack-protection (1.5.0)
      rack
    rack-test (0.6.2)
      rack (>= 1.0)
    rails (4.0.0.rc1)
      actionmailer (= 4.0.0.rc1)
      actionpack (= 4.0.0.rc1)
      activerecord (= 4.0.0.rc1)
      activesupport (= 4.0.0.rc1)
      bundler (>= 1.3.0, < 2.0)
      railties (= 4.0.0.rc1)
      sprockets-rails (~> 2.0.0.rc4)
    railties (4.0.0.rc1)
      actionpack (= 4.0.0.rc1)
      activesupport (= 4.0.0.rc1)
      rake (>= 0.8.7)
      thor (>= 0.18.1, < 2.0)
    rake (10.0.4)
    redis (3.0.4)
    redis-namespace (1.3.0)
      redis (~> 3.0.0)
    rest-client (1.6.7)
      mime-types (>= 1.16)
    rspec (2.13.0)
      rspec-core (~> 2.13.0)
      rspec-expectations (~> 2.13.0)
      rspec-mocks (~> 2.13.0)
    rspec-core (2.13.1)
    rspec-expectations (2.13.0)
      diff-lcs (>= 1.1.3, < 2.0)
    rspec-mocks (2.13.1)
    rspec-rails (2.13.1)
      actionpack (>= 3.0)
      activesupport (>= 3.0)
      railties (>= 3.0)
      rspec-core (~> 2.13.0)
      rspec-expectations (~> 2.13.0)
      rspec-mocks (~> 2.13.0)
    sass (3.2.9)
    sass-rails (4.0.0.rc1)
      railties (>= 4.0.0.beta, < 5.0)
      sass (>= 3.1.10)
      sprockets-rails (~> 2.0.0.rc0)
      tilt (~> 1.3)
    sidekiq (2.12.0)
      celluloid (>= 0.14.0)
      connection_pool (>= 1.0.0)
      json
      redis (>= 3.0)
      redis-namespace
    simplecov (0.7.1)
      multi_json (~> 1.0)
      simplecov-html (~> 0.7.1)
    simplecov-html (0.7.1)
    sinatra (1.4.2)
      rack (~> 1.5, >= 1.5.2)
      rack-protection (~> 1.4)
      tilt (~> 1.3, >= 1.3.4)
    slim (1.0.1)
      temple (~> 0.3.0)
      tilt (~> 1.2)
    slop (3.4.5)
    sorcerer (0.3.10)
    sprockets (2.9.3)
      hike (~> 1.2)
      multi_json (~> 1.0)
      rack (~> 1.0)
      tilt (~> 1.1, != 1.3.0)
    sprockets-rails (2.0.0.rc4)
      actionpack (>= 3.0)
      activesupport (>= 3.0)
      sprockets (~> 2.8)
    temple (0.3.5)
    thin (1.5.1)
      daemons (>= 1.0.9)
      eventmachine (>= 0.12.6)
      rack (>= 1.0.0)
    thor (0.18.1)
    thread_safe (0.1.0)
      atomic
    tilt (1.4.1)
    timers (1.1.0)
    treetop (1.4.12)
      polyglot
      polyglot (>= 0.3.1)
    turbolinks (1.1.1)
      coffee-rails
    tzinfo (0.3.37)
    uglifier (2.1.0)
      execjs (>= 0.3.0)
      multi_json (~> 1.0, >= 1.0.2)
    vcr (2.5.0)
    webmock (1.11.0)
      addressable (>= 2.2.7)
      crack (>= 0.3.2)
    websocket-driver (0.2.0)
    websocket-rails (0.4.6)
      em-synchrony
      faye-websocket
      hiredis
      rack
      rails
      redis
      thin

PLATFORMS
  ruby

DEPENDENCIES
  actionpack-xml_parser!
  bootstrap-sass
  bourbon
  coffee-rails (~> 4.0.0)
  coveralls
  factory_girl_rails
  faker
  focused_controller!
  haml-rails
  jquery-rails
  jquery-ui-rails
  pg
  pivotal-tracker
  pry-debugger
  pry-rails
  rails (= 4.0.0.rc1)
  ranked-model!
  rspec-given!
  rspec-rails
  sass-rails (~> 4.0.0.rc1)
  sidekiq
  sinatra (>= 1.3.0)
  slim
  turbolinks
  uglifier (>= 1.3.0)
  vcr
  webmock
  websocket-rails
